GEM
  remote: https://rubygems.org/
  specs:
    climate_control (0.2.0)
    cocaine (0.6.0)
      terrapin (= 0.6.0)
    parallel (1.19.0)
    ruby-progressbar (1.10.1)
    terrapin (0.6.0)
      climate_control (>= 0.0.3, < 1.0)
    youtube-dl.rb (0.3.1.2016.09.11.1)
      cocaine (>= 0.5.4)

PLATFORMS
  ruby

DEPENDENCIES
  parallel (~> 1.11, >= 1.11.2)
  ruby-progressbar (~> 1.8, >= 1.8.1)
  youtube-dl.rb

BUNDLED WITH
   2.0.2
